GEM
  specs:
    bio (1.5.1)
    bio-samtools (2.6.2)
      bio (>= 1.4.2)
      bio-svgenes (>= 0.4.1)
    bio-svgenes (0.4.1)
    optimist (3.0.0)
    pp (0.1.1)

PLATFORMS
  ruby

DEPENDENCIES
  bio-samtools
  optimist
  pp

BUNDLED WITH
   1.16.1
